GEM
  remote: http://rubygems.org/
  specs:
    byebug (9.1.0)
    camertron-eprun (1.1.1)
    cldr-plurals-runtime-rb (1.0.1)
    coderay (1.1.2)
    concurrent-ruby (1.1.5)
    method_source (0.9.0)
    pry (0.11.3)
      coderay (~> 1.1.0)
      method_source (~> 0.9.0)
    pry-byebug (3.5.0)
      byebug (~> 9.1)
      pry (~> 0.10)
    rake (12.3.3)
    twitter_cldr (5.2.0)
      camertron-eprun
      cldr-plurals-runtime-rb (~> 1.0)
      tzinfo
    tzinfo (2.0.0)
      concurrent-ruby (~> 1.0)

PLATFORMS
  ruby
  x86_64-darwin-17

DEPENDENCIES
  pry-byebug
  rake
  twitter_cldr (~> 5.2)

BUNDLED WITH
   1.17.3
